GEM
  remote: https://rubygems.org/
  specs:
    rack (2.2.3.1)

PLATFORMS
  x64-mingw32
  x86_64-linux

DEPENDENCIES
  rack

BUNDLED WITH
   2.1.4
